PATH
  remote: .
  specs:
    CLI_Project (0.1.0)

GEM
  remote: https://rubygems.org/
  specs:
    colorize (0.8.1)
    rake (13.0.1)

PLATFORMS
  ruby

DEPENDENCIES
  CLI_Project!
  bundler (~> 2.0)
  colorize
  rake (~> 13.0)

BUNDLED WITH
   2.1.4
